GEM
  remote: https://rubygems.org/
  specs:
    concurrent-ruby (1.2.0)
    faker (3.1.1)
      i18n (>= 1.8.11, < 2)
    i18n (1.12.0)
      concurrent-ruby (~> 1.0)

PLATFORMS
  arm64-darwin-22

DEPENDENCIES
  faker

RUBY VERSION
   ruby 3.0.0p0

BUNDLED WITH
   2.2.3
